PATH
  remote: .
  specs:
    redstorm (0.6.1.b1)
      pompompom (= 2.0.0.b2)
      rake

GEM
  remote: http://rubygems.org/
  specs:
    diff-lcs (1.1.3)
    ivy-jars (2.2.0-java)
    pompompom (2.0.0.b2-java)
      ivy-jars (>= 2.2.0)
    rake (0.9.2.2)
    rspec (2.8.0)
      rspec-core (~> 2.8.0)
      rspec-expectations (~> 2.8.0)
      rspec-mocks (~> 2.8.0)
    rspec-core (2.8.0)
    rspec-expectations (2.8.0)
      diff-lcs (~> 1.1.2)
    rspec-mocks (2.8.0)

PLATFORMS
  java

DEPENDENCIES
  redstorm!
  rspec (~> 2.8.0)
