PATH
  remote: .
  specs:
    redstorm (0.4.1)
      rake (~> 0.9.2.2)
      ruby-maven (~> 3.0.3.0.28.5)

GEM
  remote: http://rubygems.org/
  specs:
    diff-lcs (1.1.3)
    rake (0.9.2.2)
    redis (2.2.2)
    rspec (2.8.0)
      rspec-core (~> 2.8.0)
      rspec-expectations (~> 2.8.0)
      rspec-mocks (~> 2.8.0)
    rspec-core (2.8.0)
    rspec-expectations (2.8.0)
      diff-lcs (~> 1.1.2)
    rspec-mocks (2.8.0)
    ruby-maven (3.0.3.0.28.5)
      thor (~> 0.14.6)
    thor (0.14.6)

PLATFORMS
  java

DEPENDENCIES
  redis (~> 2.2.2)
  redstorm!
  rspec (~> 2.8.0)
